PATH
  remote: .
  specs:
    humble (0.0.1374362129)
      sequel

GEM
  remote: https://rubygems.org/
  specs:
    developwithpassion_arrays (0.0.1)
    developwithpassion_fakes (0.1.1)
      developwithpassion_arrays
    diff-lcs (1.2.4)
    rake (10.1.0)
    rspec (2.14.1)
      rspec-core (~> 2.14.0)
      rspec-expectations (~> 2.14.0)
      rspec-mocks (~> 2.14.0)
    rspec-core (2.14.3)
    rspec-expectations (2.14.0)
      diff-lcs (>= 1.1.3, < 2.0)
    rspec-fakes (0.0.9)
      developwithpassion_fakes
      rspec
    rspec-mocks (2.14.1)
    sequel (4.0.0)
    sqlite3 (1.3.7)

PLATFORMS
  ruby

DEPENDENCIES
  bundler (~> 1.3)
  humble!
  rake
  rspec
  rspec-fakes
  sequel
  sqlite3
